PATH
  remote: .
  specs:
    ada-wetter (1.0.0)
      clipboard
      commander
      launchy
      rake
      tty-prompt

GEM
  remote: https://rubygems.org/
  specs:
    addressable (2.6.0)
      public_suffix (>= 2.0.2, < 4.0)
    clipboard (1.3.3)
    commander (4.4.7)
      highline (~> 2.0.0)
    equatable (0.6.1)
    highline (2.0.2)
    launchy (2.4.3)
      addressable (~> 2.3)
    necromancer (0.5.0)
    pastel (0.7.3)
      equatable (~> 0.6)
      tty-color (~> 0.5)
    public_suffix (3.1.1)
    rake (12.3.3)
    tty-color (0.5.0)
    tty-cursor (0.7.0)
    tty-prompt (0.19.0)
      necromancer (~> 0.5.0)
      pastel (~> 0.7.0)
      tty-reader (~> 0.6.0)
    tty-reader (0.6.0)
      tty-cursor (~> 0.7)
      tty-screen (~> 0.7)
      wisper (~> 2.0.0)
    tty-screen (0.7.0)
    wisper (2.0.0)

PLATFORMS
  ruby

DEPENDENCIES
  ada-wetter!

BUNDLED WITH
   1.17.3
