PATH
  remote: .
  specs:
    ada-wetter (1.0.0)
      clipboard
      commander
      gtk3
      launchy
      rake
      tty-config
      tty-prompt

GEM
  remote: https://rubygems.org/
  specs:
    addressable (2.6.0)
      public_suffix (>= 2.0.2, < 4.0)
    atk (3.3.6)
      glib2 (= 3.3.6)
    cairo (1.16.4)
      native-package-installer (>= 1.0.3)
      pkg-config (>= 1.2.2)
    cairo-gobject (3.3.6)
      cairo (>= 1.16.2)
      glib2 (= 3.3.6)
    clipboard (1.3.3)
    commander (4.4.7)
      highline (~> 2.0.0)
    equatable (0.6.1)
    gdk3 (3.3.6)
      cairo-gobject (= 3.3.6)
      gdk_pixbuf2 (= 3.3.6)
      pango (= 3.3.6)
    gdk_pixbuf2 (3.3.6)
      gio2 (= 3.3.6)
    gio2 (3.3.6)
      gobject-introspection (= 3.3.6)
    glib2 (3.3.6)
      native-package-installer (>= 1.0.3)
      pkg-config (>= 1.3.5)
    gobject-introspection (3.3.6)
      glib2 (= 3.3.6)
    gtk3 (3.3.6)
      atk (= 3.3.6)
      gdk3 (= 3.3.6)
      gdk_pixbuf2 (= 3.3.6)
      gio2 (= 3.3.6)
      pango (= 3.3.6)
    highline (2.0.2)
    launchy (2.4.3)
      addressable (~> 2.3)
    native-package-installer (1.0.7)
    necromancer (0.5.0)
    pango (3.3.6)
      cairo-gobject (= 3.3.6)
      gobject-introspection (= 3.3.6)
    pastel (0.7.3)
      equatable (~> 0.6)
      tty-color (~> 0.5)
    pkg-config (1.3.7)
    public_suffix (3.1.1)
    rake (12.3.3)
    tty-color (0.5.0)
    tty-config (0.3.2)
    tty-cursor (0.7.0)
    tty-prompt (0.19.0)
      necromancer (~> 0.5.0)
      pastel (~> 0.7.0)
      tty-reader (~> 0.6.0)
    tty-reader (0.6.0)
      tty-cursor (~> 0.7)
      tty-screen (~> 0.7)
      wisper (~> 2.0.0)
    tty-screen (0.7.0)
    wisper (2.0.0)

PLATFORMS
  ruby

DEPENDENCIES
  ada-wetter!

BUNDLED WITH
   1.17.3
